GEM
  remote: https://rubygems.org/
  specs:
    addressable (2.3.6)
    dotenv (1.0.2)
    faraday (0.9.0)
      multipart-post (>= 1.2, < 3)
    faraday_middleware (0.9.1)
      faraday (>= 0.7.4, < 0.10)
    multi_json (1.10.1)
    multipart-post (2.0.0)
    ruby-progressbar (1.7.0)
    terminal-table (1.4.5)

PLATFORMS
  ruby

DEPENDENCIES
  addressable
  dotenv
  faraday
  faraday_middleware
  multi_json
  ruby-progressbar
  terminal-table
