GIT
  remote: https://github.com/lostisland/faraday_middleware.git
  revision: 9a49b369c39cbef5525f4fda7e01cf8f5eb09e24
  specs:
    faraday_middleware (0.9.0)
      faraday (>= 0.7.4, < 0.10)

GEM
  remote: https://rubygems.org/
  specs:
    addressable (2.8.0)
      public_suffix (>= 2.0.2, < 5.0)
    dotenv (1.0.2)
    faraday (0.9.0)
      multipart-post (>= 1.2, < 3)
    multi_json (1.10.1)
    multipart-post (2.0.0)
    public_suffix (4.0.6)
    ruby-progressbar (1.7.0)
    terminal-table (1.4.5)

PLATFORMS
  ruby

DEPENDENCIES
  addressable
  dotenv
  faraday
  faraday_middleware!
  multi_json
  ruby-progressbar
  terminal-table
